GIT
  remote: git://github.com/creatubbles/ruby-kafka-worker.git
  revision: 289a6cd0548c49321950636e3e6ab040bb65f715
  specs:
    kafka_worker (1.1.0)
      activesupport
      ruby-kafka

GEM
  remote: https://rubygems.org/
  specs:
    activesupport (5.1.4)
      concurrent-ruby (~> 1.0, >= 1.0.2)
      i18n (~> 0.7)
      minitest (~> 5.1)
      tzinfo (~> 1.1)
    concurrent-ruby (1.0.5)
    i18n (0.9.3)
      concurrent-ruby (~> 1.0)
    minitest (5.11.3)
    ruby-kafka (0.5.2)
    thread_safe (0.3.6)
    tzinfo (1.2.4)
      thread_safe (~> 0.1)

PLATFORMS
  ruby

DEPENDENCIES
  kafka_worker (~> 1.1.0)!

BUNDLED WITH
   1.16.1
