GIT
  remote: git://github.com/creatubbles/ruby-kafka-worker.git
  revision: 289a6cd0548c49321950636e3e6ab040bb65f715
  specs:
    kafka_worker (1.1.0)
      activesupport
      ruby-kafka

GEM
  remote: https://rubygems.org/
  specs:
    activesupport (6.1.3.2)
      concurrent-ruby (~> 1.0, >= 1.0.2)
      i18n (>= 1.6, < 2)
      minitest (>= 5.1)
      tzinfo (~> 2.0)
      zeitwerk (~> 2.3)
    concurrent-ruby (1.1.9)
    i18n (1.8.10)
      concurrent-ruby (~> 1.0)
    minitest (5.14.4)
    ruby-kafka (0.5.2)
    tzinfo (2.0.4)
      concurrent-ruby (~> 1.0)
    zeitwerk (2.4.2)

PLATFORMS
  ruby

DEPENDENCIES
  kafka_worker (~> 1.1.0)!

BUNDLED WITH
   1.16.1
